GEM
  remote: http://rubygems.org/
  specs:
    cinch (2.0.3)
    daemons (1.1.9)
    em-hiredis (0.1.1)
      hiredis (~> 0.4.0)
    eventmachine (1.0.0)
    haml (3.1.7)
    hiredis (0.4.5)
    mysql2 (0.3.11)
    rack (1.4.1)
    rack-protection (1.3.2)
      rack
    redis (3.0.2)
    sass (3.2.4)
    sequel (3.42.0)
    sinatra (1.3.3)
      rack (~> 1.3, >= 1.3.6)
      rack-protection (~> 1.2)
      tilt (~> 1.3, >= 1.3.3)
    thin (1.5.0)
      daemons (>= 1.0.9)
      eventmachine (>= 0.12.6)
      rack (>= 1.0.0)
    tilt (1.3.3)

PLATFORMS
  ruby

DEPENDENCIES
  cinch
  em-hiredis
  haml
  mysql2
  redis
  sass
  sequel
  sinatra (~> 1.0)
  thin
