GEM
  remote: http://rubygems.org/
  specs:
    backports (3.6.0)
    cinch (2.1.0)
    daemons (1.1.9)
    em-hiredis (0.3.0)
      eventmachine (~> 1.0)
      hiredis (~> 0.5.0)
    eventmachine (1.2.0.1)
    haml (4.0.5)
      tilt
    hiredis (0.5.2)
    multi_json (1.10.1)
    mysql2 (0.4.4)
    pg (0.18.4)
    rack (1.5.2)
    rack-protection (1.5.3)
      rack
    rack-test (0.6.2)
      rack (>= 1.0)
    redis (3.1.0)
    sass (3.3.9)
    sequel (4.12.0)
    sinatra (1.4.5)
      rack (~> 1.4)
      rack-protection (~> 1.4)
      tilt (~> 1.3, >= 1.3.4)
    sinatra-contrib (1.4.2)
      backports (>= 2.0)
      multi_json
      rack-protection
      rack-test
      sinatra (~> 1.4.0)
      tilt (~> 1.3)
    thin (1.6.2)
      daemons (>= 1.0.9)
      eventmachine (>= 1.0.0)
      rack (>= 1.0.0)
    tilt (1.4.1)

PLATFORMS
  ruby

DEPENDENCIES
  cinch
  daemons
  em-hiredis
  haml
  mysql2
  pg
  redis
  sass
  sequel
  sinatra (~> 1.3)
  sinatra-contrib (~> 1.3)
  thin

BUNDLED WITH
   1.12.5
