GEM
  remote: http://rubygems.org/
  specs:
    haml (3.1.3)
    mysql2 (0.3.10)
    rack (1.3.5)
    rack-protection (1.1.4)
      rack
    sass (3.1.10)
    sequel (3.29.0)
    sinatra (1.3.1)
      rack (>= 1.3.4, ~> 1.3)
      rack-protection (>= 1.1.2, ~> 1.1)
      tilt (>= 1.3.3, ~> 1.3)
    tilt (1.3.3)

PLATFORMS
  ruby

DEPENDENCIES
  haml
  mysql2
  sass
  sequel
  sinatra (~> 1.0)
