GEM
  remote: http://rubygems.org/
  specs:
    backports (3.3.1)
    cinch (2.0.4)
    daemons (1.1.9)
    em-hiredis (0.1.1)
      hiredis (~> 0.4.0)
    eventmachine (1.0.3)
    haml (4.0.3)
      tilt
    hiredis (0.4.5)
    mysql2 (0.3.11)
    rack (1.5.2)
    rack-protection (1.5.0)
      rack
    rack-test (0.6.2)
      rack (>= 1.0)
    redis (3.0.2)
    sass (3.2.9)
    sequel (3.48.0)
    sinatra (1.4.3)
      rack (~> 1.4)
      rack-protection (~> 1.4)
      tilt (~> 1.3, >= 1.3.4)
    sinatra-contrib (1.4.0)
      backports (>= 2.0)
      eventmachine
      rack-protection
      rack-test
      sinatra (~> 1.4.2)
      tilt (~> 1.3)
    thin (1.5.1)
      daemons (>= 1.0.9)
      eventmachine (>= 0.12.6)
      rack (>= 1.0.0)
    tilt (1.4.1)

PLATFORMS
  ruby

DEPENDENCIES
  cinch
  em-hiredis
  haml
  mysql2
  redis
  sass
  sequel
  sinatra (~> 1.3)
  sinatra-contrib (~> 1.3)
  thin
